GEM
  remote: http://rubygems.org/
  specs:
    peck (0.2.0)
    rake (10.0.4)
    test-spec (0.10.0)

PLATFORMS
  ruby

DEPENDENCIES
  peck
  rake
  test-spec
