GEM
  remote: http://rubygems.org/
  specs:
    peck (0.5.3)
    rake (10.4.2)

PLATFORMS
  ruby

DEPENDENCIES
  peck
  rake

BUNDLED WITH
   1.10.6
