GEM
  remote: http://rubygems.org/
  specs:
    peck (0.5.3)
    rake (10.1.1)

PLATFORMS
  ruby

DEPENDENCIES
  peck
  rake
