GEM
  remote: http://rubygems.org/
  specs:
    peck (0.5.4)
    rake (10.5.0)

PLATFORMS
  ruby

DEPENDENCIES
  peck
  rake

BUNDLED WITH
   1.10.6
