PATH
  remote: .
  specs:
    nap (0.4)

GEM
  specs:
    metaclass (0.0.1)
    mocha (0.10.0)
      metaclass (~> 0.0.1)
    rake (0.9.2.2)
    test-spec (0.10.0)

PLATFORMS
  ruby

DEPENDENCIES
  mocha
  nap!
  rake
  test-spec
